GEM
  remote: https://rubygems.org/
  specs:
    terminal-table (1.4.5)

PLATFORMS
  ruby

DEPENDENCIES
  terminal-table
